PATH
  remote: ../alf
  specs:
    alf (0.13.0)
      backports (~> 2.6)
      domain (~> 1.0.0.rc2)
      myrrha (~> 3.0.0.rc3)
      path (~> 1.3)
      quickl (~> 0.4.3)
      sexpr (~> 0.5.1)

PATH
  remote: ../cudd-rb
  specs:
    cudd-rb (0.0.1)
      ffi (~> 1.0)

PATH
  remote: ../gisele-language
  specs:
    gisele-language (0.6.0)
      citrus (~> 2.4)
      path (~> 1.2)
      sexpr (~> 0.5.0)

PATH
  remote: ../stamina
  specs:
    stamina-core (0.6.0)
      quickl (~> 0.4.3)

GEM
  remote: http://rubygems.org/
  specs:
    backports (2.6.4)
    citrus (2.4.1)
    diff-lcs (1.1.3)
    domain (1.0.0.rc2)
    ffi (1.1.5)
    myrrha (3.0.0.rc5)
      domain (~> 1.0.0.rc2)
    path (1.3.1)
    quickl (0.4.3)
    rake (0.9.2.2)
    rspec (2.11.0)
      rspec-core (~> 2.11.0)
      rspec-expectations (~> 2.11.0)
      rspec-mocks (~> 2.11.0)
    rspec-core (2.11.1)
    rspec-expectations (2.11.3)
      diff-lcs (~> 1.1.3)
    rspec-mocks (2.11.2)
    sexpr (0.5.1)
    yargi (0.2.0)

PLATFORMS
  ruby

DEPENDENCIES
  alf!
  cudd-rb!
  gisele-language!
  rake (~> 0.9.2)
  rspec (~> 2.11)
  stamina-core!
  yargi (~> 0.2.0)
