PATH
  remote: ../../letters
  specs:
    letters (0.2.6)
      activesupport
      awesome_print
      colorize
      debugger
      xml-simple

PATH
  remote: ../alf
  specs:
    alf (0.13.0)
      backports (~> 2.6)
      domain (~> 1.0.0.rc2)
      myrrha (~> 3.0.0.rc3)
      path (~> 1.3)
      quickl (~> 0.4.3)
      sexpr (~> 0.5.1)

PATH
  remote: ../cudd-rb
  specs:
    cudd-rb (0.0.1)
      ffi (~> 1.0)

PATH
  remote: ../gisele-language
  specs:
    gisele-language (0.6.0)
      citrus (~> 2.4)
      path (~> 1.2)
      sexpr (~> 0.5.0)

PATH
  remote: ../stamina
  specs:
    stamina-core (0.6.1)
      quickl (~> 0.4.3)

GEM
  remote: http://rubygems.org/
  specs:
    activesupport (3.2.8)
      i18n (~> 0.6)
      multi_json (~> 1.0)
    awesome_print (1.1.0)
    backports (2.6.4)
    citrus (2.4.1)
    colorize (0.5.8)
    columnize (0.3.6)
    debugger (1.2.0)
      columnize (>= 0.3.1)
      debugger-linecache (~> 1.1.1)
      debugger-ruby_core_source (~> 1.1.3)
    debugger-linecache (1.1.2)
      debugger-ruby_core_source (>= 1.1.1)
    debugger-ruby_core_source (1.1.3)
    diff-lcs (1.1.3)
    domain (1.0.0.rc2)
    ffi (1.1.5)
    i18n (0.6.1)
    multi_json (1.3.6)
    myrrha (3.0.0.rc5)
      domain (~> 1.0.0.rc2)
    path (1.3.1)
    quickl (0.4.3)
    rake (0.9.2.2)
    rspec (2.11.0)
      rspec-core (~> 2.11.0)
      rspec-expectations (~> 2.11.0)
      rspec-mocks (~> 2.11.0)
    rspec-core (2.11.1)
    rspec-expectations (2.11.3)
      diff-lcs (~> 1.1.3)
    rspec-mocks (2.11.2)
    sexpr (0.5.1)
    xml-simple (1.1.1)
    yargi (0.2.0)

PLATFORMS
  ruby

DEPENDENCIES
  alf!
  cudd-rb!
  gisele-language!
  letters!
  rake (~> 0.9.2)
  rspec (~> 2.11)
  stamina-core!
  yargi (~> 0.2.0)
