PATH
  remote: ../alf
  specs:
    alf (0.13.0)
      backports (~> 2.6)
      myrrha (~> 1.2.2)
      path (~> 1.3)
      quickl (~> 0.4.3)
      sexpr (~> 0.5.1)

PATH
  remote: ../cudd-rb
  specs:
    cudd-rb (0.0.1)
      ffi (~> 1.0)

GEM
  remote: http://rubygems.org/
  specs:
    backports (2.6.4)
    citrus (2.4.1)
    diff-lcs (1.1.3)
    ffi (1.1.5)
    gisele-language (0.5.1)
      citrus (~> 2.4)
      path (~> 1.2)
      sexpr (~> 0.5.0)
    myrrha (1.2.2)
    path (1.3.1)
    quickl (0.4.3)
    rake (0.9.2.2)
    rspec (2.11.0)
      rspec-core (~> 2.11.0)
      rspec-expectations (~> 2.11.0)
      rspec-mocks (~> 2.11.0)
    rspec-core (2.11.1)
    rspec-expectations (2.11.3)
      diff-lcs (~> 1.1.3)
    rspec-mocks (2.11.2)
    sexpr (0.5.1)
    stamina-core (0.6.0)
      quickl (~> 0.4.3)
    yargi (0.2.0)

PLATFORMS
  ruby

DEPENDENCIES
  alf!
  cudd-rb!
  gisele-language (~> 0.5.1)
  rake (~> 0.9.2)
  rspec (~> 2.11)
  stamina-core (~> 0.6.0)
  yargi (~> 0.2.0)
