GEM
  remote: http://rubygems.org/
  specs:
    activesupport (3.2.8)
      i18n (~> 0.6)
      multi_json (~> 1.0)
    awesome_print (1.1.0)
    citrus (2.4.1)
    colorize (0.5.8)
    columnize (0.3.6)
    cudd-rb (0.0.2)
      ffi (~> 1.0)
    debugger (1.2.0)
      columnize (>= 0.3.1)
      debugger-linecache (~> 1.1.1)
      debugger-ruby_core_source (~> 1.1.3)
    debugger-linecache (1.1.2)
      debugger-ruby_core_source (>= 1.1.1)
    debugger-ruby_core_source (1.1.3)
    diff-lcs (1.1.3)
    ffi (1.1.5)
    gisele-language (0.6.0)
      citrus (~> 2.4)
      path (~> 1.2)
      sexpr (~> 0.5.0)
    i18n (0.6.1)
    letters (0.3.1)
      activesupport
      awesome_print
      colorize
      debugger
      xml-simple
    multi_json (1.3.6)
    path (1.3.1)
    quickl (0.4.3)
    rake (0.9.2.2)
    rspec (2.11.0)
      rspec-core (~> 2.11.0)
      rspec-expectations (~> 2.11.0)
      rspec-mocks (~> 2.11.0)
    rspec-core (2.11.1)
    rspec-expectations (2.11.3)
      diff-lcs (~> 1.1.3)
    rspec-mocks (2.11.2)
    sexpr (0.5.1)
    stamina-core (0.6.1)
      quickl (~> 0.4.3)
    xml-simple (1.1.1)
    yargi (0.2.0)

PLATFORMS
  ruby

DEPENDENCIES
  cudd-rb (~> 0.0.2)
  gisele-language (~> 0.6.0)
  letters (~> 0.3.1)
  rake (~> 0.9.2)
  rspec (~> 2.11)
  stamina-core (~> 0.6.1)
  yargi (~> 0.2.0)
