GIT
  remote: git://github.com/blambeau/cudd-rb
  revision: 7f2b19281d2dd2a2fbc092bdc43c0cd71087de9e
  specs:
    cudd-rb (0.0.2)
      ffi (~> 1.0)

GEM
  remote: http://rubygems.org/
  specs:
    citrus (2.4.1)
    diff-lcs (1.1.3)
    ffi (1.9.0)
    gisele-language (0.6.0)
      citrus (~> 2.4)
      path (~> 1.2)
      sexpr (~> 0.5.0)
    path (1.3.1)
    quickl (0.4.3)
    rake (0.9.2.2)
    rspec (2.11.0)
      rspec-core (~> 2.11.0)
      rspec-expectations (~> 2.11.0)
      rspec-mocks (~> 2.11.0)
    rspec-core (2.11.1)
    rspec-expectations (2.11.3)
      diff-lcs (~> 1.1.3)
    rspec-mocks (2.11.2)
    sexpr (0.5.1)
    stamina-core (0.6.1)
      quickl (~> 0.4.3)
    yargi (0.2.0)

PLATFORMS
  ruby

DEPENDENCIES
  cudd-rb!
  gisele-language (~> 0.6.0)
  rake (~> 0.9.2)
  rspec (~> 2.11)
  stamina-core (~> 0.6.1)
  yargi (~> 0.2.0)
