PATH
  remote: ../cudd-rb
  specs:
    cudd-rb (0.0.1)
      ffi (~> 1.0)

GEM
  remote: http://rubygems.org/
  specs:
    diff-lcs (1.1.3)
    ffi (1.1.0)
    quickl (0.4.3)
    rake (0.9.2.2)
    rspec (2.11.0)
      rspec-core (~> 2.11.0)
      rspec-expectations (~> 2.11.0)
      rspec-mocks (~> 2.11.0)
    rspec-core (2.11.0)
    rspec-expectations (2.11.1)
      diff-lcs (~> 1.1.3)
    rspec-mocks (2.11.1)
    stamina-core (0.5.4)
      quickl (~> 0.4.3)

PLATFORMS
  ruby

DEPENDENCIES
  cudd-rb!
  rake (~> 0.9.2)
  rspec (~> 2.11)
  stamina-core (~> 0.5.4)
